GIT
  remote: git://github.com/agordillo/scorm.git
  revision: b3d47f9c90ea2f314859b0e92fd30113775f2613
  branch: master
  specs:
    scorm (1.0.5)
      rubyzip (>= 1.0.0)

GIT
  remote: git://github.com/ebarra/oai_repository.git
  revision: 26e791e05f76295b144568fef8033446c2ad01e9
  specs:
    oai_repository (0.9.5)
      oai
      rails (~> 3.1)

GIT
  remote: git://github.com/ebarra/paperclip-ffmpeg.git
  revision: 338fd7a74a03aa87c9278f20e7fa49f77cfc3dcd
  specs:
    paperclip-ffmpeg (1.0.1)
      paperclip (>= 2.5.2)

GIT
  remote: git://github.com/ging/social_stream.git
  revision: 6e4341c64ae3a470acd0ab29c48d2d72fd6fdd08
  ref: 6e4341c64ae3a470acd0ab29c48d2d72fd6fdd08
  branch: vish
  specs:
    social_stream-base (2.2.2)
      acts-as-taggable-on (~> 2.4.1)
      ancestry (~> 1.2.3)
      avatars_for_rails (~> 1.1.4)
      bootstrap-sass (= 3.1.1.0)
      cancan (~> 1.6.7)
      deep_merge
      deface (~> 0.9.1)
      devise (~> 2.2.3)
      flashy (~> 0.0.1)
      foreigner (~> 1.1.1)
      i18n-js (~> 2.1.2)
      inherited_resources (~> 1.4.0)
      jquery-rails (>= 3.0.0)
      jquery-ui-rails (>= 4.0.3)
      kaminari (~> 0.13.0)
      mailboxer (~> 0.10.3)
      modernizr-rails (~> 2.7.1)
      omniauth-facebook (~> 1.4.1)
      omniauth-linkedin (~> 0.0.6)
      omniauth-socialstream (~> 0.1.2)
      rails (>= 3.1.0)
      rails_autolink (~> 1.0.4)
      rails_engine_decorators
      resque (~> 1.27.0)
      sass-rails (>= 3.1.0)
      select2-rails (~> 3.3.0)
      stringex (~> 1.5.1)
      strong_parameters (~> 0.2.1)
      thinking-sphinx (~> 2.0.8)
    social_stream-documents (2.2.1)
      delayed_paperclip (>= 2.6.1)
      paperclip (~> 3.5.1)
      paperclip-ffmpeg (~> 1.0.1)
      social_stream-base (~> 2.2.2)
    social_stream-events (2.2.1)
      rails-scheduler (~> 0.1.2)
      social_stream-base (~> 2.2.2)
    social_stream-linkser (2.2.1)
      linkser (~> 0.0.12)
      social_stream-base (~> 2.2.2)
    social_stream-ostatus (2.2.1)
      nokogiri (> 1.4.4)
      proudhon (>= 0.3.6)
      social_stream-base (~> 2.2.2)

GIT
  remote: git://github.com/mojombo/god.git
  revision: 92c06aa5f6293cf26498a306e9bb7ac856d7dca0
  ref: 92c06aa5f6293cf26498a306e9bb7ac856d7dca0
  specs:
    god (0.13.7)

GIT
  remote: git://github.com/pahanix/delegates_attributes_to.git
  revision: 69704cb6268c521e0e48ccb8d8b78930d1e7da67
  ref: 69704cb
  specs:
    delegates_attributes_to (0.0.1)

GIT
  remote: git://github.com/rails/rails.git
  revision: 54ebd0aea2e68048167b329196674887430d06a5
  branch: 3-2-stable
  specs:
    actionmailer (3.2.22.2)
      actionpack (= 3.2.22.2)
      mail (~> 2.5.4)
    actionpack (3.2.22.2)
      activemodel (= 3.2.22.2)
      activesupport (= 3.2.22.2)
      builder (~> 3.0.0)
      erubis (~> 2.7.0)
      journey (~> 1.0.4)
      rack (~> 1.4.5)
      rack-cache (~> 1.2)
      rack-test (~> 0.6.1)
      sprockets (~> 2.2.1)
    activemodel (3.2.22.2)
      activesupport (= 3.2.22.2)
      builder (~> 3.0.0)
    activerecord (3.2.22.2)
      activemodel (= 3.2.22.2)
      activesupport (= 3.2.22.2)
      arel (~> 3.0.2)
      tzinfo (~> 0.3.29)
    activeresource (3.2.22.2)
      activemodel (= 3.2.22.2)
      activesupport (= 3.2.22.2)
    activesupport (3.2.22.2)
      i18n (~> 0.6, >= 0.6.4)
      multi_json (~> 1.0)
    rails (3.2.22.2)
      actionmailer (= 3.2.22.2)
      actionpack (= 3.2.22.2)
      activerecord (= 3.2.22.2)
      activeresource (= 3.2.22.2)
      activesupport (= 3.2.22.2)
      bundler (~> 1.0)
      railties (= 3.2.22.2)
    railties (3.2.22.2)
      actionpack (= 3.2.22.2)
      activesupport (= 3.2.22.2)
      rack-ssl (~> 1.3.2)
      rake (>= 0.8.7)
      rdoc (~> 3.4)
      thor (>= 0.14.6, < 2.0)

GIT
  remote: git://github.com/randym/acts_as_xlsx.git
  revision: 919817e590b1cf8e27632e630469603c78a50402
  ref: 919817e590b1cf8e27632e630469603c78a50402
  specs:
    acts_as_xlsx (1.0.6)
      activerecord (>= 2.3.9)
      axlsx (>= 1.0.13)
      i18n (>= 0.4.1)

GEM
  remote: http://rubygems.org/
  specs:
    Ascii85 (1.0.2)
    acts-as-taggable-on (2.4.1)
      rails (>= 3, < 5)
    afm (0.2.2)
    ancestry (1.2.5)
      activerecord (>= 2.2.2)
    arel (3.0.3)
    avatars_for_rails (1.1.4)
      flashy (~> 0.0.1)
      jquery-rails (>= 3.0.0)
      jquery-ui-rails (>= 4.0.0)
      paperclip (>= 2.3.4)
      rmagick (>= 2.13.1)
    axlsx (2.0.1)
      htmlentities (~> 4.3.1)
      nokogiri (>= 1.4.1)
      rubyzip (~> 1.0.0)
    axlsx_rails (0.1.5)
      axlsx
      rails (>= 3.1)
    bcrypt (3.1.11)
    bcrypt-ruby (3.1.5)
      bcrypt (>= 3.1.3)
    bootstrap-sass (3.1.1.0)
      sass (~> 3.2)
    builder (3.0.4)
    cancan (1.6.10)
    capistrano (2.14.2)
      highline
      net-scp (>= 1.0.0)
      net-sftp (>= 2.0.0)
      net-ssh (>= 2.0.14)
      net-ssh-gateway (>= 1.1.0)
    capybara (2.3.0)
      mime-types (>= 1.16)
      nokogiri (>= 1.3.3)
      rack (>= 1.0.0)
      rack-test (>= 0.5.4)
      xpath (~> 2.0)
    carrierwave (0.10.0)
      activemodel (>= 3.2.0)
      activesupport (>= 3.2.0)
      json (>= 1.7)
      mime-types (>= 1.16)
    childprocess (0.5.9)
      ffi (~> 1.0, >= 1.0.11)
    climate_control (0.0.3)
      activesupport (>= 3.0)
    cocaine (0.5.8)
      climate_control (>= 0.0.3, < 1.0)
    coderay (1.1.1)
    coffee-rails (3.2.2)
      coffee-script (>= 2.2.0)
      railties (~> 3.2.0)
    coffee-script (2.4.1)
      coffee-script-source
      execjs
    coffee-script-source (1.10.0)
    deep_merge (1.1.1)
    deface (0.9.1)
      nokogiri (~> 1.5.0)
      rails (~> 3.1)
    delayed_paperclip (2.7.0)
      paperclip (>= 3.3)
    descriptive_statistics (2.4.0)
    detect_language (1.0.5)
    devise (2.2.8)
      bcrypt-ruby (~> 3.0)
      orm_adapter (~> 0.1)
      railties (~> 3.1)
      warden (~> 1.2.1)
    devise_cas_authenticatable (1.7.1)
      devise (>= 1.2.0)
      rubycas-client (>= 2.2.1)
    devise_invitable (1.1.8)
      actionmailer (~> 3.0)
      devise (>= 2.1.2)
      railties (~> 3.0)
    diff-lcs (1.1.3)
    erubis (2.7.0)
    exception_notification (4.1.1)
      actionmailer (>= 3.0.4)
      activesupport (>= 3.0.4)
    execjs (2.6.0)
    factory_girl (2.6.0)
      activesupport (>= 2.3.9)
    faker (1.4.3)
      i18n (~> 0.5)
    faraday (0.9.2)
      multipart-post (>= 1.2, < 3)
    faraday_middleware (0.10.0)
      faraday (>= 0.7.4, < 0.10)
    ffi (1.9.10)
    flashy (0.0.1)
      railties (>= 3.1.0)
    foreigner (1.1.6)
      activerecord (>= 3.0.0)
    forgery (0.6.0)
    ging-opengraph (0.0.5)
      hashie
      nokogiri (>= 1.4.0)
      rest-client (~> 1.6.0)
    has_scope (0.6.0)
      actionpack (>= 3.2, < 5)
      activesupport (>= 3.2, < 5)
    hashery (2.1.1)
    hashie (2.1.2)
    highline (1.7.8)
    hike (1.2.3)
    htmlentities (4.3.4)
    i18n (0.7.0)
    i18n-js (2.1.2)
      i18n
    inherited_resources (1.4.1)
      has_scope (~> 0.6.0.rc)
      responders (~> 1.0.0.rc)
    journey (1.0.4)
    jquery-rails (3.1.0)
      railties (>= 3.0, < 5.0)
      thor (>= 0.14, < 2.0)
    jquery-ui-rails (4.1.2)
      railties (>= 3.1.0)
    jruby-pageant (1.1.1)
    json (1.8.3)
    jwt (1.4.1)
    kaminari (0.13.0)
      actionpack (>= 3.0.0)
      activesupport (>= 3.0.0)
      railties (>= 3.0.0)
    kgio (2.10.0)
    linkser (0.0.15)
      ging-opengraph (~> 0.0.4)
      nokogiri (>= 1.4.0)
      rake
      rmagick (~> 2.13.1)
      ruby-imagespec (~> 0.2.0)
    mail (2.5.4)
      mime-types (~> 1.16)
      treetop (~> 1.4.8)
    mailboxer (0.10.3)
      carrierwave (>= 0.5.8)
      foreigner (>= 0.9.1)
      rails (> 3.0.0)
    method_source (0.8.2)
    mime-types (1.25.1)
    modernizr-rails (2.7.1)
    mono_logger (1.1.0)
    multi_json (1.11.2)
    multi_xml (0.6.0)
    multipart-post (2.0.0)
    mysql2 (0.3.16)
    net-scp (1.0.4)
      net-ssh (>= 1.99.1)
    net-sftp (2.0.5)
      net-ssh (>= 2.0.9)
    net-ssh (2.4.0)
      jruby-pageant (>= 1.0.2)
    net-ssh-gateway (1.1.0)
      net-ssh (>= 1.99.1)
    nokogiri (1.5.11)
    oai (0.3.1)
      builder (>= 2.0.0)
      faraday
      faraday_middleware
    oauth (0.5.1)
    oauth2 (0.9.4)
      faraday (>= 0.8, < 0.10)
      jwt (~> 1.0)
      multi_json (~> 1.3)
      multi_xml (~> 0.5)
      rack (~> 1.2)
    omniauth (1.4.2)
      hashie (>= 1.2, < 4)
      rack (>= 1.0, < 3)
    omniauth-facebook (1.4.1)
      omniauth-oauth2 (~> 1.1.0)
    omniauth-linkedin (0.0.8)
      omniauth-oauth (~> 1.0)
    omniauth-oauth (1.1.0)
      oauth
      omniauth (~> 1.0)
    omniauth-oauth2 (1.1.2)
      faraday (>= 0.8, < 0.10)
      multi_json (~> 1.3)
      oauth2 (~> 0.9.3)
      omniauth (~> 1.2)
    omniauth-socialstream (0.1.3)
      omniauth-oauth2 (~> 1.1.1)
    orm_adapter (0.5.0)
    paperclip (3.5.1)
      activemodel (>= 3.0.0)
      activesupport (>= 3.0.0)
      cocaine (~> 0.5.0)
      mime-types
    pdf-reader (1.3.3)
      Ascii85 (~> 1.0.0)
      afm (~> 0.2.0)
      hashery (~> 2.0)
      ruby-rc4
      ttfunk
    pg (0.17.1)
    polyglot (0.3.5)
    power_assert (0.2.7)
    proudhon (0.3.7)
      json
      nokogiri
      rest-client
    pry (0.9.12.6)
      coderay (~> 1.0)
      method_source (~> 0.8)
      slop (~> 3.4)
    rack (1.4.7)
    rack-cache (1.6.1)
      rack (>= 0.4)
    rack-protection (1.5.3)
      rack
    rack-ssl (1.3.4)
      rack
    rack-test (0.6.3)
      rack (>= 1.0)
    rails-scheduler (0.1.3)
      rails (>= 3.1.0)
      recurrence (~> 1.2.0)
    rails_autolink (1.0.9)
      rails (~> 3.1)
    rails_engine_decorators (1.0.0)
      railties (>= 3.2.8)
    raindrops (0.16.0)
    rake (10.5.0)
    rdoc (3.12.2)
      json (~> 1.4)
    recaptcha (4.3.1)
      json
    recurrence (1.2.0)
      activesupport (>= 2.3.0)
      i18n
    redis (3.3.3)
    redis-namespace (1.5.3)
      redis (~> 3.0, >= 3.0.4)
    responders (1.0.0)
      railties (>= 3.2, < 5)
    resque (1.27.0)
      mono_logger (~> 1.0)
      multi_json (~> 1.0)
      redis-namespace (~> 1.3)
      sinatra (>= 0.9.2)
      vegas (~> 0.1.2)
    rest-client (1.6.7)
      mime-types (>= 1.16)
    riddle (1.5.12)
    rmagick (2.13.2)
    rspec (2.9.0)
      rspec-core (~> 2.9.0)
      rspec-expectations (~> 2.9.0)
      rspec-mocks (~> 2.9.0)
    rspec-core (2.9.0)
    rspec-expectations (2.9.1)
      diff-lcs (~> 1.1.3)
    rspec-mocks (2.9.0)
    rspec-rails (2.9.0)
      actionpack (>= 3.0)
      activesupport (>= 3.0)
      railties (>= 3.0)
      rspec (~> 2.9.0)
    ruby-imagespec (0.2.0)
    ruby-rc4 (0.1.5)
    rubycas-client (2.3.9)
      activesupport
    rubyzip (1.0.0)
    sanitize (2.1.0)
      nokogiri (>= 1.4.4)
    sass (3.4.21)
    sass-rails (3.2.6)
      railties (~> 3.2.0)
      sass (>= 3.1.10)
      tilt (~> 1.3)
    select2-rails (3.3.2)
      sass-rails (>= 3.2)
      thor (~> 0.14)
    selenium-webdriver (2.44.0)
      childprocess (~> 0.5)
      multi_json (~> 1.0)
      rubyzip (~> 1.0)
      websocket (~> 1.0)
    shortener (0.3.0)
      rails (>= 3.0.7)
    sinatra (1.3.2)
      rack (~> 1.3, >= 1.3.6)
      rack-protection (~> 1.2)
      tilt (~> 1.3, >= 1.3.3)
    sitemap_generator (5.1.0)
      builder
    slop (3.6.0)
    sprockets (2.2.3)
      hike (~> 1.2)
      multi_json (~> 1.0)
      rack (~> 1.0)
      tilt (~> 1.1, != 1.3.0)
    sqlite3 (1.3.9)
    stringex (1.5.1)
    strong_parameters (0.2.3)
      actionpack (~> 3.0)
      activemodel (~> 3.0)
      activesupport (~> 3.0)
      railties (~> 3.0)
    test-unit (3.0.9)
      power_assert
    thinking-sphinx (2.0.14)
      activerecord (>= 3.0.3)
      builder (>= 2.1.2)
      riddle (>= 1.5.3)
    thor (0.19.1)
    tilt (1.4.1)
    treetop (1.4.15)
      polyglot
      polyglot (>= 0.3.1)
    ttfunk (1.4.0)
    tzinfo (0.3.46)
    uglifier (1.2.3)
      execjs (>= 0.3.0)
      multi_json (>= 1.0.2)
    unicorn (4.8.3)
      kgio (~> 2.6)
      rack
      raindrops (~> 0.7)
    vegas (0.1.11)
      rack (>= 1.0.0)
    warden (1.2.6)
      rack (>= 1.0)
    websocket (1.2.2)
    xpath (2.0.0)
      nokogiri (~> 1.3)

PLATFORMS
  ruby

DEPENDENCIES
  acts-as-taggable-on (= 2.4.1)
  acts_as_xlsx!
  avatars_for_rails (= 1.1.4)
  axlsx (= 2.0.1)
  axlsx_rails (= 0.1.5)
  bootstrap-sass (= 3.1.1.0)
  capistrano (= 2.14.2)
  capybara (= 2.3.0)
  coffee-rails (= 3.2.2)
  delayed_paperclip (= 2.7.0)
  delegates_attributes_to!
  descriptive_statistics (~> 2.4.0)
  detect_language (= 1.0.5)
  devise_cas_authenticatable (= 1.7.1)
  devise_invitable (= 1.1.8)
  exception_notification (= 4.1.1)
  factory_girl (= 2.6)
  faker (= 1.4.3)
  forgery (= 0.6.0)
  god!
  hashie (= 2.1.2)
  jquery-rails (= 3.1.0)
  jquery-ui-rails (= 4.1.2)
  json (= 1.8.3)
  jwt (= 1.4.1)
  mailboxer (= 0.10.3)
  mysql2 (= 0.3.16)
  net-ssh (= 2.4.0)
  oai_repository!
  paperclip (= 3.5.1)
  paperclip-ffmpeg!
  pdf-reader (= 1.3.3)
  pg (= 0.17.1)
  pry (= 0.9.12.6)
  rails!
  recaptcha
  redis (= 3.3.3)
  resque (= 1.27.0)
  rest-client (= 1.6.7)
  rmagick (= 2.13.2)
  rspec-rails (= 2.9)
  rubyzip (= 1.0.0)
  sanitize (= 2.1.0)
  sass-rails (= 3.2.6)
  scorm!
  selenium-webdriver (= 2.44.0)
  shortener (= 0.3.0)
  sinatra (= 1.3.2)
  sitemap_generator
  social_stream-base!
  social_stream-documents!
  social_stream-events!
  social_stream-linkser!
  social_stream-ostatus!
  sqlite3 (= 1.3.9)
  test-unit (= 3.0.9)
  thinking-sphinx (= 2.0.14)
  uglifier (= 1.2.3)
  unicorn (= 4.8.3)

BUNDLED WITH
   1.14.6
